GEM
  remote: https://rubygems.org/
  specs:
    addressable (2.8.0)
      public_suffix (>= 2.0.2, < 5.0)
    ast (2.4.2)
    json (2.6.2)
    json-schema (2.8.1)
      addressable (>= 2.4)
    parallel (1.22.1)
    parser (3.1.2.1)
      ast (~> 2.4.1)
    public_suffix (4.0.6)
    rainbow (3.1.1)
    rake (13.0.1)
    regexp_parser (2.6.0)
    rexml (3.3.9)
    rubocop (1.36.0)
      json (~> 2.3)
      parallel (~> 1.10)
      parser (>= 3.1.2.1)
      rainbow (>= 2.2.2, < 4.0)
      regexp_parser (>= 1.8, < 3.0)
      rexml (>= 3.2.5, < 4.0)
      rubocop-ast (>= 1.20.1, < 2.0)
      ruby-progressbar (~> 1.7)
      unicode-display_width (>= 1.4.0, < 3.0)
    rubocop-ast (1.21.0)
      parser (>= 3.1.1.0)
    rubocop-rake (0.6.0)
      rubocop (~> 1.0)
    ruby-progressbar (1.11.0)
    unicode-display_width (2.3.0)

PLATFORMS
  ruby

DEPENDENCIES
  bundler
  json
  json-schema
  rake
  rubocop
  rubocop-rake

BUNDLED WITH
   2.2.33
